GEM
  specs:
    addressable (2.3.5)
    faraday (0.8.8)
      multipart-post (~> 1.2.0)
    koala (2.0.0rc1)
      addressable
      faraday
      multi_json
    multi_json (1.8.2)
    multipart-post (1.2.0)

PLATFORMS
  ruby

DEPENDENCIES
  koala
